PATH
  remote: .
  specs:
    bloggercl (0.0.1)
      kramdown
      oauth
      thor

GEM
  remote: http://rubygems.org/
  specs:
    ZenTest (4.4.2)
    addressable (2.2.4)
    autotest (4.4.6)
      ZenTest (>= 4.4.1)
    crack (0.1.8)
    diff-lcs (1.1.2)
    kramdown (0.13.1)
    oauth (0.4.4)
    rcov (0.9.9)
    rspec (2.4.0)
      rspec-core (~> 2.4.0)
      rspec-expectations (~> 2.4.0)
      rspec-mocks (~> 2.4.0)
    rspec-core (2.4.0)
    rspec-expectations (2.4.0)
      diff-lcs (~> 1.1.2)
    rspec-mocks (2.4.0)
    thor (0.14.6)
    webmock (1.6.2)
      addressable (>= 2.2.2)
      crack (>= 0.1.7)
    yard (0.6.4)

PLATFORMS
  ruby

DEPENDENCIES
  autotest
  bloggercl!
  rcov
  rspec
  webmock
  yard
